GEM
  remote: https://rubygems.org/
  specs:
    diff-lcs (1.3)
    lazy_priority_queue (0.1.1)
    rgl (0.5.3)
      lazy_priority_queue (~> 0.1.0)
      stream (~> 0.5.0)
    rspec (3.7.0)
      rspec-core (~> 3.7.0)
      rspec-expectations (~> 3.7.0)
      rspec-mocks (~> 3.7.0)
    rspec-core (3.7.1)
      rspec-support (~> 3.7.0)
    rspec-expectations (3.7.0)
      diff-lcs (>= 1.2.0, < 2.0)
      rspec-support (~> 3.7.0)
    rspec-mocks (3.7.0)
      diff-lcs (>= 1.2.0, < 2.0)
      rspec-support (~> 3.7.0)
    rspec-support (3.7.1)
    stream (0.5)

PLATFORMS
  ruby

DEPENDENCIES
  rgl
  rspec (~> 3.0)
  rspec-expectations

BUNDLED WITH
   1.16.2
